PATH
  remote: .
  specs:
    lazer_lines (0.2.0)

GEM
  remote: https://rubygems.org/
  specs:
    diff-lcs (1.5.1)
    polylines (0.4.0)
    rake (13.1.0)
    rake-compiler (1.2.7)
      rake
    rspec (3.13.0)
      rspec-core (~> 3.13.0)
      rspec-expectations (~> 3.13.0)
      rspec-mocks (~> 3.13.0)
    rspec-core (3.13.0)
      rspec-support (~> 3.13.0)
    rspec-expectations (3.13.0)
      diff-lcs (>= 1.2.0, < 2.0)
      rspec-support (~> 3.13.0)
    rspec-mocks (3.13.0)
      diff-lcs (>= 1.2.0, < 2.0)
      rspec-support (~> 3.13.0)
    rspec-support (3.13.1)
    rspec_junit_formatter (0.6.0)
      rspec-core (>= 2, < 4, != 2.12.0)

PLATFORMS
  ruby

DEPENDENCIES
  bundler
  lazer_lines!
  polylines
  rake
  rake-compiler
  rspec
  rspec_junit_formatter

BUNDLED WITH
   2.5.6
